GEM
  remote: https://rubygems.org/
  specs:
    actioncable (6.1.7.10)
      actionpack (= 6.1.7.10)
      activesupport (= 6.1.7.10)
      nio4r (~> 2.0)
      websocket-driver (>= 0.6.1)
    actionmailbox (6.1.7.10)
      actionpack (= 6.1.7.10)
      activejob (= 6.1.7.10)
      activerecord (= 6.1.7.10)
      activestorage (= 6.1.7.10)
      activesupport (= 6.1.7.10)
      mail (>= 2.7.1)
    actionmailer (6.1.7.10)
      actionpack (= 6.1.7.10)
      actionview (= 6.1.7.10)
      activejob (= 6.1.7.10)
      activesupport (= 6.1.7.10)
      mail (~> 2.5, >= 2.5.4)
      rails-dom-testing (~> 2.0)
    actionpack (6.1.7.10)
      actionview (= 6.1.7.10)
      activesupport (= 6.1.7.10)
      rack (~> 2.0, >= 2.0.9)
      rack-test (>= 0.6.3)
      rails-dom-testing (~> 2.0)
      rails-html-sanitizer (~> 1.0, >= 1.2.0)
    actiontext (6.1.7.10)
      actionpack (= 6.1.7.10)
      activerecord (= 6.1.7.10)
      activestorage (= 6.1.7.10)
      activesupport (= 6.1.7.10)
      nokogiri (>= 1.8.5)
    actionview (6.1.7.10)
      activesupport (= 6.1.7.10)
      builder (~> 3.1)
      erubi (~> 1.4)
      rails-dom-testing (~> 2.0)
      rails-html-sanitizer (~> 1.1, >= 1.2.0)
    activejob (6.1.7.10)
      activesupport (= 6.1.7.10)
      globalid (>= 0.3.6)
    activemodel (6.1.7.10)
      activesupport (= 6.1.7.10)
    activerecord (6.1.7.10)
      activemodel (= 6.1.7.10)
      activesupport (= 6.1.7.10)
    activestorage (6.1.7.10)
      actionpack (= 6.1.7.10)
      activejob (= 6.1.7.10)
      activerecord (= 6.1.7.10)
      activesupport (= 6.1.7.10)
      marcel (~> 1.0)
      mini_mime (>= 1.1.0)
    activesupport (6.1.7.10)
      concurrent-ruby (~> 1.0, >= 1.0.2)
      i18n (>= 1.6, < 2)
      minitest (>= 5.1)
      tzinfo (~> 2.0)
      zeitwerk (~> 2.3)
    addressable (2.7.0)
      public_suffix (>= 2.0.2, < 5.0)
    annotate (3.1.1)
      activerecord (>= 3.2, < 7.0)
      rake (>= 10.4, < 14.0)
    base64 (0.3.0)
    better_errors (2.7.1)
      coderay (>= 1.0.0)
      erubi (>= 1.0.0)
      rack (>= 0.9.0)
    bigdecimal (3.2.2)
    bindex (0.8.1)
    binding_of_caller (1.0.1)
      debug_inspector (>= 1.2.0)
    bootsnap (1.18.6)
      msgpack (~> 1.2)
    bugsnag (6.19.0)
      concurrent-ruby (~> 1.0)
    builder (3.3.0)
    capybara (3.33.0)
      addressable
      mini_mime (>= 0.1.3)
      nokogiri (~> 1.8)
      rack (>= 1.6.0)
      rack-test (>= 0.6.3)
      regexp_parser (~> 1.5)
      xpath (~> 3.2)
    childprocess (3.0.0)
    coderay (1.1.3)
    concurrent-ruby (1.3.5)
    crass (1.0.6)
    date (3.4.1)
    debug_inspector (1.2.0)
    diff-lcs (1.4.4)
    diffy (3.4.4)
    dotenv (2.7.6)
    dotenv-rails (2.7.6)
      dotenv (= 2.7.6)
      railties (>= 3.2)
    erubi (1.13.1)
    ffi (1.17.2)
    ffi (1.17.2-arm64-darwin)
    globalid (1.2.1)
      activesupport (>= 6.1)
    httpclient (2.8.3)
    i18n (1.14.7)
      concurrent-ruby (~> 1.0)
    jbuilder (2.10.0)
      activesupport (>= 5.0.0)
    jwt (2.2.2)
    listen (3.9.0)
      rb-fsevent (~> 0.10, >= 0.10.3)
      rb-inotify (~> 0.9, >= 0.9.10)
    logger (1.7.0)
    loofah (2.24.1)
      crass (~> 1.0.2)
      nokogiri (>= 1.12.0)
    mail (2.8.1)
      mini_mime (>= 0.1.1)
      net-imap
      net-pop
      net-smtp
    marcel (1.0.4)
    method_source (1.1.0)
    mini_mime (1.1.5)
    minitest (5.25.5)
    msgpack (1.8.0)
    mutex_m (0.3.0)
    net-imap (0.5.9)
      date
      net-protocol
    net-pop (0.1.2)
      net-protocol
    net-protocol (0.2.2)
      timeout
    net-smtp (0.5.1)
      net-protocol
    nio4r (2.7.4)
    nkf (0.2.0)
    nokogiri (1.18.8-arm64-darwin)
      racc (~> 1.4)
    pg (1.5.9)
    public_suffix (4.0.6)
    puma (6.6.0)
      nio4r (~> 2.0)
    racc (1.8.1)
    rack (2.2.17)
    rack-cors (1.1.1)
      rack (>= 2.0.0)
    rack-proxy (0.7.7)
      rack
    rack-test (2.2.0)
      rack (>= 1.3)
    rails (6.1.7.10)
      actioncable (= 6.1.7.10)
      actionmailbox (= 6.1.7.10)
      actionmailer (= 6.1.7.10)
      actionpack (= 6.1.7.10)
      actiontext (= 6.1.7.10)
      actionview (= 6.1.7.10)
      activejob (= 6.1.7.10)
      activemodel (= 6.1.7.10)
      activerecord (= 6.1.7.10)
      activestorage (= 6.1.7.10)
      activesupport (= 6.1.7.10)
      bundler (>= 1.15.0)
      railties (= 6.1.7.10)
      sprockets-rails (>= 2.0.0)
    rails-dom-testing (2.3.0)
      activesupport (>= 5.0.0)
      minitest
      nokogiri (>= 1.6)
    rails-html-sanitizer (1.6.2)
      loofah (~> 2.21)
      nokogiri (>= 1.15.7, != 1.16.7, != 1.16.6, != 1.16.5, != 1.16.4, != 1.16.3, != 1.16.2, != 1.16.1, != 1.16.0.rc1, != 1.16.0)
    railties (6.1.7.10)
      actionpack (= 6.1.7.10)
      activesupport (= 6.1.7.10)
      method_source
      rake (>= 12.2)
      thor (~> 1.0)
    rake (13.3.0)
    rb-fsevent (0.11.2)
    rb-inotify (0.11.1)
      ffi (~> 1.0)
    regexp_parser (1.7.1)
    ridgepole (1.2.1)
      activerecord (>= 5.1, < 7.1)
      diffy
    rspec-core (3.9.2)
      rspec-support (~> 3.9.3)
    rspec-expectations (3.9.2)
      diff-lcs (>= 1.2.0, < 2.0)
      rspec-support (~> 3.9.0)
    rspec-mocks (3.9.1)
      diff-lcs (>= 1.2.0, < 2.0)
      rspec-support (~> 3.9.0)
    rspec-rails (4.0.1)
      actionpack (>= 4.2)
      activesupport (>= 4.2)
      railties (>= 4.2)
      rspec-core (~> 3.9)
      rspec-expectations (~> 3.9)
      rspec-mocks (~> 3.9)
      rspec-support (~> 3.9)
    rspec-support (3.9.3)
    rubyzip (2.3.0)
    sass (3.7.4)
      sass-listen (~> 4.0.0)
    sass-listen (4.0.0)
      rb-fsevent (~> 0.9, >= 0.9.4)
      rb-inotify (~> 0.9, >= 0.9.7)
    sass-rails (5.1.0)
      railties (>= 5.2.0)
      sass (~> 3.1)
      sprockets (>= 2.8, < 4.0)
      sprockets-rails (>= 2.0, < 4.0)
      tilt (>= 1.1, < 3)
    selenium-webdriver (3.142.7)
      childprocess (>= 0.5, < 4.0)
      rubyzip (>= 1.2.2)
    semantic_range (3.1.0)
    spring (2.1.1)
    spring-watcher-listen (2.0.1)
      listen (>= 2.7, < 4.0)
      spring (>= 1.2, < 3.0)
    sprockets (3.7.5)
      base64
      concurrent-ruby (~> 1.0)
      rack (> 1, < 3)
    sprockets-rails (3.5.2)
      actionpack (>= 6.1)
      activesupport (>= 6.1)
      sprockets (>= 3.0.0)
    thor (1.3.2)
    tilt (2.0.10)
    timeout (0.4.3)
    turbolinks (5.2.1)
      turbolinks-source (~> 5.2)
    turbolinks-source (5.2.0)
    tzinfo (2.0.6)
      concurrent-ruby (~> 1.0)
    web-console (4.0.4)
      actionview (>= 6.0.0)
      activemodel (>= 6.0.0)
      bindex (>= 0.4.0)
      railties (>= 6.0.0)
    webdrivers (4.4.1)
      nokogiri (~> 1.6)
      rubyzip (>= 1.3.0)
      selenium-webdriver (>= 3.0, < 4.0)
    webpacker (5.4.4)
      activesupport (>= 5.2)
      rack-proxy (>= 0.6.1)
      railties (>= 5.2)
      semantic_range (>= 2.3.0)
    websocket-driver (0.8.0)
      base64
      websocket-extensions (>= 0.1.0)
    websocket-extensions (0.1.5)
    xpath (3.2.0)
      nokogiri (~> 1.8)
    zeitwerk (2.7.3)

PLATFORMS
  ruby

DEPENDENCIES
  annotate
  better_errors
  bigdecimal (~> 3.2)
  binding_of_caller (~> 1.0)
  bootsnap
  bugsnag (~> 6.19)
  capybara (>= 2.15)
  dotenv-rails
  httpclient
  jbuilder (~> 2.7)
  jwt
  listen (>= 3.8)
  logger (~> 1.7)
  mutex_m (~> 0.3)
  nkf (~> 0.2)
  pg
  puma
  rack-cors
  rails (~> 6.1.7, >= 6.1.7.10)
  ridgepole (~> 1.2)
  rspec-rails
  sass-rails (~> 5)
  selenium-webdriver
  spring
  spring-watcher-listen (~> 2.0.0)
  turbolinks (~> 5)
  tzinfo-data
  web-console (>= 3.3.0)
  webdrivers
  webpacker (~> 5.4)

RUBY VERSION
   ruby 3.4.4p34

BUNDLED WITH
   2.6.9
